GIT
  remote: https://github.com/FormalHellhound/ruby-cleverbot-api.git
  revision: c0bb7344ffc52de58405b4c5b22d0088883926aa
  specs:
    ruby-cleverbot-api (1.0.6)

PATH
  remote: .
  specs:
    freakazoid (0.0.4.pre.5)
      rdiscount (~> 2.2, >= 2.2.0.1)
      redis (~> 4.2, >= 4.2.2)
      rest-client (~> 2.0, >= 2.0.2)
      ruby-cleverbot-api (~> 1.0, >= 1.0.6)

GEM
  remote: https://rubygems.org/
  specs:
    addressable (2.7.0)
      public_suffix (>= 2.0.2, < 5.0)
    awesome_print (1.8.0)
    base58 (0.2.3)
    bindata (2.4.8)
    bitcoin-ruby (0.0.20)
      eventmachine
      ffi
      scrypt
    chronic (0.10.2)
    coderay (1.1.3)
    connection_pool (2.2.3)
    crack (0.4.4)
    delorean (2.1.0)
      chronic
    docile (1.3.2)
    domain_name (0.5.20190701)
      unf (>= 0.0.5, < 1.0.0)
    eventmachine (1.2.7)
    ffi (1.13.1)
    ffi-compiler (1.0.1)
      ffi (>= 1.0.0)
      rake
    hashdiff (1.0.1)
    hashie (4.1.0)
    hive-ruby (1.0.2)
      base58 (~> 0.2, >= 0.2.3)
      bindata (~> 2.4, >= 2.4.4)
      bitcoin-ruby (~> 0.0, = 0.0.20)
      ffi (~> 1.9, >= 1.9.23)
      hashie (~> 4.1, >= 3.5.7)
      json (~> 2.1, >= 2.1.0)
      logging (~> 2.2, >= 2.2.0)
    http-accept (1.7.0)
    http-cookie (1.0.3)
      domain_name (~> 0.5)
    io-console (0.5.6)
    irb (1.2.7)
      reline (>= 0.1.5)
    json (2.3.1)
    little-plugger (1.1.4)
    logging (2.3.0)
      little-plugger (~> 1.1)
      multi_json (~> 1.14)
    method_source (1.0.0)
    mime-types (3.3.1)
      mime-types-data (~> 3.2015)
    mime-types-data (3.2020.1104)
    minitest (5.14.2)
    minitest-line (0.6.5)
      minitest (~> 5.0)
    minitest-proveit (1.0.0)
      minitest (> 5, < 7)
    multi_json (1.15.0)
    net-http-persistent (4.0.0)
      connection_pool (~> 2.2)
    netrc (0.11.0)
    pry (0.13.1)
      coderay (~> 1.1)
      method_source (~> 1.0)
    public_suffix (4.0.6)
    radiator (0.4.8)
      awesome_print (~> 1.7, >= 1.7.0)
      bitcoin-ruby (= 0.0.20)
      ffi (~> 1.9, >= 1.9.18)
      hashie (>= 3.5)
      hive-ruby (~> 1.0, >= 1.0.2)
      json (~> 2.0, >= 2.0.2)
      logging (~> 2.2, >= 2.2.0)
      net-http-persistent (>= 2.5.2)
      steem-ruby (~> 0.9, >= 0.9.5)
    rake (13.0.1)
    rb-readline (0.5.5)
    rdiscount (2.2.0.2)
    redis (4.2.2)
    reline (0.1.8)
      io-console (~> 0.5)
    rest-client (2.1.0)
      http-accept (>= 1.7.0, < 2.0)
      http-cookie (>= 1.0.2, < 2.0)
      mime-types (>= 1.16, < 4.0)
      netrc (~> 0.8)
    scrypt (3.0.7)
      ffi-compiler (>= 1.0, < 2.0)
    simplecov (0.19.1)
      docile (~> 1.1)
      simplecov-html (~> 0.11)
    simplecov-html (0.12.3)
    steem-ruby (0.9.5)
      base58 (~> 0.2, >= 0.2.3)
      bindata (~> 2.4, >= 2.4.4)
      bitcoin-ruby (~> 0.0, >= 0.0.18)
      ffi (~> 1.9, >= 1.9.23)
      hashie (~> 4.1, >= 3.5.7)
      json (~> 2.1, >= 2.1.0)
      logging (~> 2.2, >= 2.2.0)
    unf (0.1.4)
      unf_ext
    unf_ext (0.0.7.7)
    vcr (6.0.0)
    webmock (3.9.5)
      addressable (>= 2.3.6)
      crack (>= 0.3.2)
      hashdiff (>= 0.4.0, < 2.0.0)
    yard (0.9.25)

PLATFORMS
  ruby

DEPENDENCIES
  awesome_print (~> 1.7, >= 1.7.0)
  bundler (~> 1.15, >= 1.15.4)
  delorean (~> 2.1, >= 2.1.0)
  freakazoid!
  irb
  minitest (= 5.14.2)
  minitest-line (~> 0.6.3)
  minitest-proveit
  pry (~> 0.13.1)
  radiator
  rake (~> 13.0, >= 13.0.1)
  rb-readline
  ruby-cleverbot-api!
  simplecov (~> 0.19.1)
  vcr (~> 6.0, >= 6.0.0)
  webmock (~> 3.1, >= 3.1.0)
  yard (~> 0.9.9)

BUNDLED WITH
   1.17.3
